GEM
  remote: https://rubygems.org/
  specs:
    addressable (2.4.0)
    highline (1.7.8)
    launchy (2.4.3)
      addressable (~> 2.3)
    ruby-progressbar (1.8.1)

PLATFORMS
  ruby

DEPENDENCIES
  highline
  launchy
  ruby-progressbar

BUNDLED WITH
   1.13.6
